GEM
  remote: https://www.rubygems.org/
  specs:
    appium_lib (10.4.0)
      appium_lib_core (~> 3.2)
      nokogiri (~> 1.8, >= 1.8.1)
      tomlrb (~> 1.1)
    appium_lib_core (3.2.2)
      faye-websocket (~> 0.10.0)
      selenium-webdriver (~> 3.14, >= 3.14.1)
    backports (3.15.0)
    builder (3.2.3)
    childprocess (2.0.0)
      rake (< 13.0)
    coderay (1.1.2)
    coolline (0.5.0)
      unicode_utils (~> 1.4)
    cucumber (3.1.2)
      builder (>= 2.1.2)
      cucumber-core (~> 3.2.0)
      cucumber-expressions (~> 6.0.1)
      cucumber-wire (~> 0.0.1)
      diff-lcs (~> 1.3)
      gherkin (~> 5.1.0)
      multi_json (>= 1.7.5, < 2.0)
      multi_test (>= 0.1.2)
    cucumber-core (3.2.1)
      backports (>= 3.8.0)
      cucumber-tag_expressions (~> 1.1.0)
      gherkin (~> 5.0)
    cucumber-expressions (6.0.1)
    cucumber-tag_expressions (1.1.1)
    cucumber-wire (0.0.1)
    diff-lcs (1.3)
    eventmachine (1.2.7)
    faye-websocket (0.10.9)
      eventmachine (>= 0.12.0)
      websocket-driver (>= 0.5.1)
    gherkin (5.1.0)
    method_source (0.9.2)
    mini_portile2 (2.4.0)
    multi_json (1.13.1)
    multi_test (0.1.2)
    nokogiri (1.10.4)
      mini_portile2 (~> 2.4.0)
    pry (0.12.2)
      coderay (~> 1.1.0)
      method_source (~> 0.9.0)
    pry-coolline (0.2.5)
      coolline (~> 0.5)
    rack (2.0.7)
    rake (12.3.3)
    robocop (0.1.1)
      rack
    rspec (3.8.0)
      rspec-core (~> 3.8.0)
      rspec-expectations (~> 3.8.0)
      rspec-mocks (~> 3.8.0)
    rspec-core (3.8.2)
      rspec-support (~> 3.8.0)
    rspec-expectations (3.8.4)
      diff-lcs (>= 1.2.0, < 2.0)
      rspec-support (~> 3.8.0)
    rspec-mocks (3.8.1)
      diff-lcs (>= 1.2.0, < 2.0)
      rspec-support (~> 3.8.0)
    rspec-support (3.8.2)
    rubyzip (1.2.3)
    selenium-webdriver (3.142.4)
      childprocess (>= 0.5, < 3.0)
      rubyzip (~> 1.2, >= 1.2.2)
    tomlrb (1.2.8)
    unicode_utils (1.4.0)
    websocket-driver (0.7.1)
      websocket-extensions (>= 0.1.0)
    websocket-extensions (0.1.5)

PLATFORMS
  ruby

DEPENDENCIES
  appium_lib
  cucumber
  pry
  pry-coolline
  robocop
  rspec

BUNDLED WITH
   2.0.1
